PATH
  remote: .
  specs:
    flashsdk (1.0.34.pre)
      sprout (>= 1.1.15.pre)

GEM
  remote: http://rubygems.org/
  specs:
    archive-tar-minitar (0.5.2)
    metaclass (0.0.1)
    mocha (0.10.5)
      metaclass (~> 0.0.1)
    open4 (1.3.0)
    rake (0.9.2.2)
    rubyzip (0.9.4)
    shoulda (3.0.1)
      shoulda-context (~> 1.0.0)
      shoulda-matchers (~> 1.0.0)
    shoulda-context (1.0.0)
    shoulda-matchers (1.0.0)
    sprout (1.1.16.pre)
      archive-tar-minitar (= 0.5.2)
      bundler (>= 0.9.19)
      open4 (>= 0.9.6)
      rake (>= 0.9.2)
      rubyzip (= 0.9.4)

PLATFORMS
  ruby

DEPENDENCIES
  flashsdk!
  mocha
  shoulda
